GEM
  remote: https://rubygems.org/
  specs:
    builder (3.1.4)
    clamp (0.6.1)
    coderay (1.0.9)
    daemons (1.1.9)
    eventmachine (1.0.3)
    haml (4.0.3)
      tilt
    kramdown (1.0.2)
    pith (0.3.4)
      clamp (>= 0.3.0)
      rack (>= 1.2.1)
      thin (>= 1.2.7)
      tilt (>= 1.3)
    rack (1.5.2)
    sass (3.2.9)
    thin (1.5.1)
      daemons (>= 1.0.9)
      eventmachine (>= 0.12.6)
      rack (>= 1.0.0)
    tilt (1.4.1)

PLATFORMS
  ruby

DEPENDENCIES
  builder
  coderay
  haml
  kramdown
  pith
  sass
